GEM
  remote: http://rubygems.org/
  specs:
    configuration (1.2.0)
    heroku (2.1.4)
      launchy (>= 0.3.2)
      rest-client (~> 1.6.1)
      term-ansicolor (~> 1.0.5)
    launchy (0.4.0)
      configuration (>= 0.0.5)
      rake (>= 0.8.1)
    mime-types (1.16)
    rack (1.2.2)
    rake (0.8.7)
    rest-client (1.6.1)
      mime-types (>= 1.16)
    term-ansicolor (1.0.5)

PLATFORMS
  ruby

DEPENDENCIES
  heroku (= 2.1.4)
  rack (= 1.2.2)
  rake (= 0.8.7)
